GEM
  remote: http://rubygems.org/
  specs:
    ParseTree (3.0.6)
      RubyInline (>= 3.7.0)
      sexp_processor (>= 3.0.0)
    RubyInline (3.8.6)
      ZenTest (~> 4.3)
    ZenTest (4.4.0)
    abstract (1.0.0)
    columnize (0.3.2)
    daemons (1.1.0)
    diff-lcs (1.1.2)
    erubis (2.6.6)
      abstract (>= 1.0.0)
    eventmachine (0.12.10)
    extlib (0.9.15)
    highline (1.6.1)
    json_pure (1.4.6)
    linecache (0.43)
    locale (2.0.5)
    mailfactory (1.4.0)
      mime-types (>= 1.13.1)
    maruku (0.6.0)
      syntax (>= 1.0.0)
    merb-action-args (1.1.3)
      ParseTree (>= 2.1.1)
      merb-core (~> 1.1.3)
      ruby2ruby (>= 1.1.9)
    merb-assets (1.1.3)
      merb-core (~> 1.1.3)
    merb-cache (1.1.3)
      merb-core (~> 1.1.3)
    merb-core (1.1.3)
      bundler
      erubis (>= 2.6.2)
      extlib (>= 0.9.13)
      mime-types (>= 1.16)
      rack
      rake
    merb-exceptions (1.1.3)
      merb-core (~> 1.1.3)
      merb-mailer (~> 1.1.3)
    merb-gen (1.1.3)
      merb-core (~> 1.1.3)
      templater (>= 1.0.0)
    merb-helpers (1.1.3)
      merb-core (~> 1.1.3)
    merb-mailer (1.1.3)
      mailfactory (>= 1.2.3)
      merb-core (~> 1.1.3)
    merb-param-protection (1.1.3)
      merb-core (~> 1.1.3)
    merb-slices (1.1.3)
      merb-core (~> 1.1.3)
    merb_babel (0.1.2)
      locale (>= 0.9.0)
      merb-core (>= 1.0)
    mime-types (1.16)
    rack (1.2.1)
    rake (0.8.7)
    rspec (1.3.1)
    ruby-debug (0.10.4)
      columnize (>= 0.1)
      ruby-debug-base (~> 0.10.4.0)
    ruby-debug-base (0.10.4)
      linecache (>= 0.3)
    ruby2ruby (1.2.5)
      ruby_parser (~> 2.0)
      sexp_processor (~> 3.0)
    ruby_parser (2.0.5)
      sexp_processor (~> 3.0)
    sexp_processor (3.0.5)
    syntax (1.0.0)
    templater (1.0.0)
      diff-lcs (>= 1.1.2)
      extlib (>= 0.9.5)
      highline (>= 1.4.0)
    thin (1.2.7)
      daemons (>= 1.0.9)
      eventmachine (>= 0.12.6)
      rack (>= 1.0.0)

PLATFORMS
  ruby

DEPENDENCIES
  json_pure (>= 1.1.7)
  maruku
  merb-action-args (= 1.1.3)
  merb-assets (= 1.1.3)
  merb-cache (= 1.1.3)
  merb-core (= 1.1.3)
  merb-exceptions (= 1.1.3)
  merb-gen (= 1.1.3)
  merb-helpers (= 1.1.3)
  merb-mailer (= 1.1.3)
  merb-param-protection (= 1.1.3)
  merb-slices (= 1.1.3)
  merb_babel
  rspec (~> 1.3)
  ruby-debug
  thin
